GIT
  remote: git://github.com/seyhunak/twitter-bootstrap-rails.git
  revision: 1d93c5a77049b3d21d17c847ad0531d7714fa229
  branch: bootstrap3
  specs:
    twitter-bootstrap-rails (3.1.1)
      actionpack (>= 3.1)
      execjs
      rails (>= 3.1)
      railties (>= 3.1)

GIT
  remote: git://github.com/sferik/rails_admin.git
  revision: 2f27c3b004a8eb9d8a03c994ee59c2a09c307160
  specs:
    rails_admin (0.6.2)
      builder (~> 3.1)
      coffee-rails (~> 4.0)
      font-awesome-rails (>= 3.0)
      haml (~> 4.0)
      jquery-rails (~> 3.0)
      jquery-ui-rails (~> 4.0)
      kaminari (~> 0.14)
      nested_form (~> 0.3)
      rack-pjax (~> 0.7)
      rails (~> 4.0)
      remotipart (~> 1.0)
      safe_yaml (~> 1.0)
      sass-rails (~> 4.0)

GEM
  remote: https://rubygems.org/
  specs:
    actionmailer (4.1.4)
      actionpack (= 4.1.4)
      actionview (= 4.1.4)
      mail (~> 2.5.4)
    actionpack (4.1.4)
      actionview (= 4.1.4)
      activesupport (= 4.1.4)
      rack (~> 1.5.2)
      rack-test (~> 0.6.2)
    actionview (4.1.4)
      activesupport (= 4.1.4)
      builder (~> 3.1)
      erubis (~> 2.7.0)
    activemodel (4.1.4)
      activesupport (= 4.1.4)
      builder (~> 3.1)
    activerecord (4.1.4)
      activemodel (= 4.1.4)
      activesupport (= 4.1.4)
      arel (~> 5.0.0)
    activesupport (4.1.4)
      i18n (~> 0.6, >= 0.6.9)
      json (~> 1.7, >= 1.7.7)
      minitest (~> 5.1)
      thread_safe (~> 0.1)
      tzinfo (~> 1.1)
    addressable (2.3.6)
    arel (5.0.1.20140414130214)
    bcrypt (3.1.7)
    better_errors (0.9.0)
      coderay (>= 1.0.0)
      erubis (>= 2.6.6)
    binding_of_caller (0.7.2)
      debug_inspector (>= 0.0.1)
    builder (3.2.2)
    callsite (0.0.11)
    celluloid (0.15.2)
      timers (~> 1.1.0)
    coderay (1.1.0)
    coffee-rails (4.0.1)
      coffee-script (>= 2.2.0)
      railties (>= 4.0.0, < 5.0)
    coffee-script (2.3.0)
      coffee-script-source
      execjs
    coffee-script-source (1.7.1)
    commonjs (0.2.7)
    connection_pool (2.0.0)
    cookiejar (0.3.2)
    crass (0.2.1)
    debug_inspector (0.0.2)
    devise (3.2.4)
      bcrypt (~> 3.0)
      orm_adapter (~> 0.1)
      railties (>= 3.2.6, < 5)
      thread_safe (~> 0.1)
      warden (~> 1.2.3)
    dotenv (0.11.1)
      dotenv-deployment (~> 0.0.2)
    dotenv-deployment (0.0.2)
    em-http-request (1.1.2)
      addressable (>= 2.3.4)
      cookiejar
      em-socksify (>= 0.3)
      eventmachine (>= 1.0.3)
      http_parser.rb (>= 0.6.0)
    em-socksify (0.3.0)
      eventmachine (>= 1.0.0.beta.4)
    erubis (2.7.0)
    eventmachine (1.0.3)
    execjs (2.2.1)
    faye (1.0.3)
      cookiejar (>= 0.3.0)
      em-http-request (>= 0.3.0)
      eventmachine (>= 0.12.0)
      faye-websocket (>= 0.7.0)
      multi_json (>= 1.0.0)
      rack (>= 1.0.0)
      websocket-driver (>= 0.3.0)
    faye-websocket (0.7.4)
      eventmachine (>= 0.12.0)
      websocket-driver (>= 0.3.1)
    font-awesome-less (4.1.0)
      less (~> 2.4.0)
    font-awesome-rails (4.1.0.0)
      railties (>= 3.2, < 5.0)
    foreman (0.63.0)
      dotenv (>= 0.7)
      thor (>= 0.13.6)
    haml (4.0.5)
      tilt
    hike (1.2.3)
    http_parser.rb (0.6.0)
    i18n (0.6.11)
    jbuilder (2.1.3)
      activesupport (>= 3.0.0, < 5)
      multi_json (~> 1.2)
    jquery-rails (3.1.1)
      railties (>= 3.0, < 5.0)
      thor (>= 0.14, < 2.0)
    jquery-ui-rails (4.2.1)
      railties (>= 3.2.16)
    json (1.8.1)
    kaminari (0.16.1)
      actionpack (>= 3.0.0)
      activesupport (>= 3.0.0)
    kgio (2.9.2)
    less (2.4.0)
      commonjs (~> 0.2.7)
    less-rails (2.4.0)
      actionpack (>= 3.1)
      less (~> 2.4.0)
    libv8 (3.16.14.3)
    mail (2.5.4)
      mime-types (~> 1.16)
      treetop (~> 1.4.8)
    meta_request (0.2.8)
      callsite
      rack-contrib
      railties
    mime-types (1.25.1)
    mini_portile (0.6.0)
    minitest (5.4.0)
    multi_json (1.10.1)
    nested_form (0.3.2)
    newrelic_rpm (3.8.1.221)
    nokogiri (1.6.3.1)
      mini_portile (= 0.6.0)
    nokogumbo (1.1.9)
      nokogiri
    orm_adapter (0.5.0)
    pg (0.17.0)
    polyglot (0.3.5)
    protected_attributes (1.0.8)
      activemodel (>= 4.0.1, < 5.0)
    rack (1.5.2)
    rack-contrib (1.1.0)
      rack (>= 0.9.1)
    rack-pjax (0.8.0)
      nokogiri (~> 1.5)
      rack (~> 1.1)
    rack-protection (1.5.3)
      rack
    rack-test (0.6.2)
      rack (>= 1.0)
    rails (4.1.4)
      actionmailer (= 4.1.4)
      actionpack (= 4.1.4)
      actionview (= 4.1.4)
      activemodel (= 4.1.4)
      activerecord (= 4.1.4)
      activesupport (= 4.1.4)
      bundler (>= 1.3.0, < 2.0)
      railties (= 4.1.4)
      sprockets-rails (~> 2.0)
    rails_12factor (0.0.2)
      rails_serve_static_assets
      rails_stdout_logging
    rails_serve_static_assets (0.0.2)
    rails_stdout_logging (0.0.3)
    railties (4.1.4)
      actionpack (= 4.1.4)
      activesupport (= 4.1.4)
      rake (>= 0.8.7)
      thor (>= 0.18.1, < 2.0)
    raindrops (0.13.0)
    rake (10.3.2)
    rdoc (4.1.1)
      json (~> 1.4)
    redis (3.1.0)
    redis-namespace (1.5.1)
      redis (~> 3.0, >= 3.0.4)
    ref (1.0.5)
    remotipart (1.2.1)
    safe_yaml (1.0.3)
    sanitize (3.0.0)
      crass (~> 0.2.0)
      nokogiri (>= 1.4.4)
      nokogumbo (= 1.1.9)
    sass (3.2.19)
    sass-rails (4.0.3)
      railties (>= 4.0.0, < 5.0)
      sass (~> 3.2.0)
      sprockets (~> 2.8, <= 2.11.0)
      sprockets-rails (~> 2.0)
    sdoc (0.4.1)
      json (~> 1.7, >= 1.7.7)
      rdoc (~> 4.0)
    sendgrid (1.2.0)
      json
    sidekiq (3.1.3)
      celluloid (>= 0.15.2)
      connection_pool (>= 2.0.0)
      json
      redis (>= 3.0.6)
      redis-namespace (>= 1.3.1)
    sinatra (1.4.5)
      rack (~> 1.4)
      rack-protection (~> 1.4)
      tilt (~> 1.3, >= 1.3.4)
    spring (1.1.3)
    sprockets (2.11.0)
      hike (~> 1.2)
      multi_json (~> 1.0)
      rack (~> 1.0)
      tilt (~> 1.1, != 1.3.0)
    sprockets-rails (2.1.3)
      actionpack (>= 3.0)
      activesupport (>= 3.0)
      sprockets (~> 2.8)
    therubyracer (0.12.1)
      libv8 (~> 3.16.14.0)
      ref
    thor (0.19.1)
    thread_safe (0.3.4)
    tilt (1.4.1)
    timers (1.1.0)
    treetop (1.4.15)
      polyglot
      polyglot (>= 0.3.1)
    turbolinks (2.2.2)
      coffee-rails
    tzinfo (1.2.2)
      thread_safe (~> 0.1)
    uglifier (2.5.3)
      execjs (>= 0.3.0)
      json (>= 1.8.0)
    unicorn (4.8.3)
      kgio (~> 2.6)
      rack
      raindrops (~> 0.7)
    warden (1.2.3)
      rack (>= 1.0)
    websocket-driver (0.3.4)

PLATFORMS
  ruby

DEPENDENCIES
  better_errors (= 0.9.0)
  binding_of_caller (= 0.7.2)
  coffee-rails (~> 4.0.0)
  devise (= 3.2.4)
  faye
  font-awesome-less (= 4.1.0)
  foreman (= 0.63.0)
  jbuilder (~> 2.0)
  jquery-rails
  less-rails (= 2.4.0)
  meta_request (= 0.2.8)
  newrelic_rpm (= 3.8.1.221)
  pg (= 0.17.0)
  protected_attributes
  rails (= 4.1.4)
  rails_12factor
  rails_admin!
  sanitize
  sass-rails (~> 4.0.3)
  sdoc (~> 0.4.0)
  sendgrid (= 1.2.0)
  sidekiq
  sinatra (= 1.4.5)
  spring
  therubyracer (= 0.12.1)
  turbolinks
  twitter-bootstrap-rails!
  uglifier (>= 1.3.0)
  unicorn (= 4.8.3)
